GEM
  remote: http://rubygems.org/
  specs:
    activesupport (3.2.12)
      i18n (~> 0.6)
      multi_json (~> 1.0)
    backports (2.8.2)
    builder (3.1.4)
    eventmachine (1.0.0)
    i18n (0.6.1)
    kwalify (0.7.2)
    multi_json (1.5.1)
    pg (0.14.1)
    rack (1.5.2)
    rack-protection (1.3.2)
      rack
    rack-test (0.6.2)
      rack (>= 1.0)
    ruby-mysql (2.9.10)
    sinatra (1.3.4)
      rack (~> 1.4)
      rack-protection (~> 1.3)
      tilt (~> 1.3, >= 1.3.3)
    sinatra-contrib (1.3.2)
      backports (>= 2.0)
      eventmachine
      rack-protection
      rack-test
      sinatra (~> 1.3.0)
      tilt (~> 1.3)
    tilt (1.3.3)

PLATFORMS
  ruby

DEPENDENCIES
  activesupport (~> 3.2)
  builder (~> 3.1)
  kwalify (~> 0.7)
  pg (~> 0.14)
  ruby-mysql (~> 2.9)
  sinatra (~> 1.3)
  sinatra-contrib (~> 1.3)
